GEM
  remote: https://rubygems.org/
  specs:
    blockenspiel (0.4.5)
    diff-lcs (1.1.3)
    nokogiri (1.5.5)
    rack (1.4.1)
    rack-test (0.6.1)
      rack (>= 1.0)
    rake (0.9.2.2)
    rspec (2.11.0)
      rspec-core (~> 2.11.0)
      rspec-expectations (~> 2.11.0)
      rspec-mocks (~> 2.11.0)
    rspec-core (2.11.0)
    rspec-expectations (2.11.1)
      diff-lcs (~> 1.1.3)
    rspec-mocks (2.11.1)
    thor (0.15.4)
    versionomy (0.4.4)
      blockenspiel (>= 0.4.5)
    yajl-ruby (1.1.0)
    yard (0.8.2.1)

PLATFORMS
  ruby

DEPENDENCIES
  nokogiri
  rack-test
  rake
  rspec
  thor
  versionomy
  yajl-ruby
  yard
